GEM
  remote: https://rubygems.org/
  specs:
    metaclass (0.0.4)
    minitest (5.4.0)
    mocha (1.1.0)
      metaclass (~> 0.0.1)

PLATFORMS
  ruby

DEPENDENCIES
  minitest
  mocha
